GEM
  remote: http://rubygems.org/
  specs:
    sequel (3.16.0)
    shoulda (2.11.3)
    sqlite3-ruby (1.3.1)

PLATFORMS
  ruby

DEPENDENCIES
  sequel
  shoulda
  sqlite3-ruby
