GEM
  remote: http://rubygems.org/
  specs:
    git (1.2.5)
    jeweler (1.5.2)
      bundler (~> 1.0.0)
      git (>= 1.2.5)
      rake
    rake (0.8.7)
    sequel (3.16.0)
    shoulda (2.11.3)
    sqlite3-ruby (1.3.1)

PLATFORMS
  ruby

DEPENDENCIES
  jeweler
  sequel
  shoulda
  sqlite3-ruby
